GEM
  remote: https://rubygems.org/
  specs:
    nats-pure (0.7.2)

PLATFORMS
  x86_64-linux-musl

DEPENDENCIES
  nats-pure (~> 0.7.2)

BUNDLED WITH
   2.2.32
